PATH
  remote: .
  specs:
    vanity (1.7.0)
      redis (~> 2.0)
      redis-namespace (~> 1.0.0)

GEM
  remote: http://rubygems.org/
  specs:
    RedCloth (4.2.8)
    abstract (1.0.0)
    actionmailer (3.0.10)
      actionpack (= 3.0.10)
      mail (~> 2.2.19)
    actionpack (3.0.10)
      activemodel (= 3.0.10)
      activesupport (= 3.0.10)
      builder (~> 2.1.2)
      erubis (~> 2.6.6)
      i18n (~> 0.5.0)
      rack (~> 1.2.1)
      rack-mount (~> 0.6.14)
      rack-test (~> 0.5.7)
      tzinfo (~> 0.3.23)
    activemodel (3.0.10)
      activesupport (= 3.0.10)
      builder (~> 2.1.2)
      i18n (~> 0.5.0)
    activerecord (3.0.10)
      activemodel (= 3.0.10)
      activesupport (= 3.0.10)
      arel (~> 2.0.10)
      tzinfo (~> 0.3.23)
    activeresource (3.0.10)
      activemodel (= 3.0.10)
      activesupport (= 3.0.10)
    activesupport (3.0.10)
    addressable (2.2.6)
    albino (1.3.3)
      posix-spawn (>= 0.3.6)
    archive-tar-minitar (0.5.2)
    arel (2.0.10)
    bson (1.3.1)
    bson_ext (1.3.1)
    builder (2.1.2)
    classifier (1.3.3)
      fast-stemmer (>= 1.0.0)
    columnize (0.3.4)
    crack (0.1.8)
    directory_watcher (1.4.0)
    erubis (2.6.6)
      abstract (>= 1.0.0)
    fast-stemmer (1.0.0)
    fastthread (1.0.7)
    garb (0.9.1)
      activesupport (>= 2.2.0)
      crack (>= 0.1.6)
    i18n (0.5.0)
    jekyll (0.11.0)
      albino (>= 1.3.2)
      classifier (>= 1.3.1)
      directory_watcher (>= 1.1.1)
      kramdown (>= 0.13.2)
      liquid (>= 1.9.0)
      maruku (>= 0.5.9)
    json (1.7.4)
    kramdown (0.13.3)
    linecache (0.46)
      rbx-require-relative (> 0.0.4)
    linecache19 (0.5.12)
      ruby_core_source (>= 0.1.4)
    liquid (2.2.2)
    mail (2.2.19)
      activesupport (>= 2.3.6)
      i18n (>= 0.4.0)
      mime-types (~> 1.16)
      treetop (~> 1.4.8)
    maruku (0.6.0)
      syntax (>= 1.0.0)
    mime-types (1.16)
    minitest (2.5.0)
    mocha (0.9.12)
    mongo (1.3.1)
      bson (>= 1.3.1)
    mysql (2.8.1)
    passenger (2.2.15)
      fastthread (>= 1.0.1)
      rack
      rake (>= 0.8.1)
    pg (0.11.0)
    polyglot (0.3.2)
    posix-spawn (0.3.6)
    rack (1.2.3)
    rack-mount (0.6.14)
      rack (>= 1.0.0)
    rack-test (0.5.7)
      rack (>= 1.0)
    rails (3.0.10)
      actionmailer (= 3.0.10)
      actionpack (= 3.0.10)
      activerecord (= 3.0.10)
      activeresource (= 3.0.10)
      activesupport (= 3.0.10)
      bundler (~> 1.0)
      railties (= 3.0.10)
    railties (3.0.10)
      actionpack (= 3.0.10)
      activesupport (= 3.0.10)
      rake (>= 0.8.7)
      rdoc (~> 3.4)
      thor (~> 0.14.4)
    rake (0.9.2)
    rbx-require-relative (0.0.5)
    rdoc (3.12)
      json (~> 1.4)
    redis (2.2.2)
    redis-namespace (1.0.3)
      redis (< 3.0.0)
    ruby-debug (0.10.4)
      columnize (>= 0.1)
      ruby-debug-base (~> 0.10.4.0)
    ruby-debug-base (0.10.4)
      linecache (>= 0.3)
    ruby-debug-base19 (0.11.25)
      columnize (>= 0.3.1)
      linecache19 (>= 0.5.11)
      ruby_core_source (>= 0.1.4)
    ruby-debug19 (0.11.6)
      columnize (>= 0.3.1)
      linecache19 (>= 0.5.11)
      ruby-debug-base19 (>= 0.11.19)
    ruby_core_source (0.1.5)
      archive-tar-minitar (>= 0.5.2)
    shoulda (2.11.3)
    syntax (1.0.0)
    thor (0.14.6)
    timecop (0.3.5)
    treetop (1.4.10)
      polyglot
      polyglot (>= 0.3.1)
    tzinfo (0.3.29)
    webmock (1.7.4)
      addressable (~> 2.2, > 2.2.5)
      crack (>= 0.1.7)
    yard (0.7.2)

PLATFORMS
  ruby

DEPENDENCIES
  RedCloth
  bson_ext
  garb
  jekyll
  minitest
  mocha
  mongo
  mysql
  passenger (~> 2.0)
  pg
  rack
  rails (~> 3.0.10)
  rake
  ruby-debug
  ruby-debug19
  shoulda
  timecop
  vanity!
  webmock
  yard
